GEM
  remote: https://rubygems.org/
  specs:
    childprocess (3.0.0)
    faraday (1.4.1)
      faraday-excon (~> 1.1)
      faraday-net_http (~> 1.0)
      faraday-net_http_persistent (~> 1.1)
      multipart-post (>= 1.2, < 3)
      ruby2_keywords (>= 0.0.4)
    faraday-excon (1.1.0)
    faraday-net_http (1.0.1)
    faraday-net_http_persistent (1.1.0)
    multipart-post (2.1.1)
    ruby2_keywords (0.0.4)
    rubyzip (2.3.2)
    selenium-webdriver (3.142.7)
      childprocess (>= 0.5, < 4.0)
      rubyzip (>= 1.2.2)

PLATFORMS
  x86_64-darwin-20

DEPENDENCIES
  faraday
  selenium-webdriver

BUNDLED WITH
   2.2.17
